GEM
  remote: https://rubygems.org/
  specs:
    git-cop (1.0.0)
      refinements (~> 4.1)
      runcom (~> 1.1)
      thor (~> 0.19)
      thor_plus (~> 5.1)
    rake (12.0.0)
    refinements (4.1.0)
    runcom (1.1.0)
      refinements (~> 4.1)
    thor (0.19.4)
    thor_plus (5.1.0)
      thor (~> 0.19)

PLATFORMS
  ruby

DEPENDENCIES
  git-cop (~> 1.0)
  rake (~> 12.0)

BUNDLED WITH
   1.15.1
