GEM
  remote: https://rubygems.org/
  specs:
    equatable (0.5.0)
    git-cop (1.6.2)
      pastel (~> 0.7)
      refinements (~> 4.2)
      runcom (~> 1.3)
      thor (~> 0.20)
    pastel (0.7.1)
      equatable (~> 0.5.0)
      tty-color (~> 0.4.0)
    rake (12.2.1)
    refinements (4.3.0)
    runcom (1.4.0)
      refinements (~> 4.2)
    thor (0.20.0)
    tty-color (0.4.2)

PLATFORMS
  ruby

DEPENDENCIES
  git-cop (~> 1.6)
  rake (~> 12.0)

BUNDLED WITH
   1.16.0
